PATH
  remote: .
  specs:
    browser_agent (0.1.0)
      cookiejar
      nokogiri

GEM
  remote: https://rubygems.org/
  specs:
    cookiejar (0.3.0)
    diff-lcs (1.2.4)
    json (1.8.0)
    multi_json (1.7.3)
    nokogiri (1.5.9)
    rake (10.0.4)
    rdoc (3.12.2)
      json (~> 1.4)
    rspec (2.13.0)
      rspec-core (~> 2.13.0)
      rspec-expectations (~> 2.13.0)
      rspec-mocks (~> 2.13.0)
    rspec-core (2.13.1)
    rspec-expectations (2.13.0)
      diff-lcs (>= 1.1.3, < 2.0)
    rspec-mocks (2.13.1)
    simplecov (0.7.1)
      multi_json (~> 1.0)
      simplecov-html (~> 0.7.1)
    simplecov-html (0.7.1)

PLATFORMS
  ruby

DEPENDENCIES
  browser_agent!
  rake
  rdoc
  rspec
  simplecov
