PATH
  remote: .
  specs:
    browser_agent (0.1.0)
      cookiejar
      nokogiri
      taka
      therubyracer

GEM
  remote: https://rubygems.org/
  specs:
    cookiejar (0.3.0)
    diff-lcs (1.2.4)
    json (1.8.0)
    libv8 (3.11.8.13)
    multi_json (1.7.3)
    nokogiri (1.5.9)
    rake (10.0.4)
    rdoc (3.12.2)
      json (~> 1.4)
    ref (1.0.2)
    rspec (2.13.0)
      rspec-core (~> 2.13.0)
      rspec-expectations (~> 2.13.0)
      rspec-mocks (~> 2.13.0)
    rspec-core (2.13.1)
    rspec-expectations (2.13.0)
      diff-lcs (>= 1.1.3, < 2.0)
    rspec-mocks (2.13.1)
    simplecov (0.7.1)
      multi_json (~> 1.0)
      simplecov-html (~> 0.7.1)
    simplecov-html (0.7.1)
    taka (0.0.1)
      nokogiri (>= 1.2.3)
    therubyracer (0.11.4)
      libv8 (~> 3.11.8.12)
      ref

PLATFORMS
  ruby

DEPENDENCIES
  browser_agent!
  rake
  rdoc
  rspec
  simplecov
